GEM
  remote: https://rubygems.org/
  specs:
    daemons (1.1.9)
    eventmachine (1.0.3)
    faraday (0.8.7)
      multipart-post (~> 1.1)
    lita (2.1.1)
      bundler (~> 1.3)
      faraday (~> 0.8.7)
      multi_json (~> 1.7.7)
      rack (~> 1.5.2)
      redis-namespace (~> 1.3.0)
      thin (~> 1.5.1)
      thor (~> 0.18.1)
    lita-google-images (1.0.1)
      lita (~> 2.0)
    lita-hipchat (1.0.1)
      lita (~> 2.0)
      xmpp4r (~> 0.5)
    lita-karma (1.1.0)
      lita (~> 2.0)
    multi_json (1.7.7)
    multipart-post (1.2.0)
    rack (1.5.2)
    redis (3.0.4)
    redis-namespace (1.3.0)
      redis (~> 3.0.0)
    thin (1.5.1)
      daemons (>= 1.0.9)
      eventmachine (>= 0.12.6)
      rack (>= 1.0.0)
    thor (0.18.1)
    xmpp4r (0.5)

PLATFORMS
  ruby

DEPENDENCIES
  lita
  lita-google-images
  lita-hipchat
  lita-karma
